GEM
  remote: http://rubygems.org/
  specs:
    bourbon (3.0.1)
      sass (>= 3.2.0)
      thor
    coderay (1.1.2)
    coffee-script (2.4.1)
      coffee-script-source
      execjs
    coffee-script-source (1.12.2)
    concurrent-ruby (1.1.5)
    daemons (1.3.1)
    eventmachine (1.0.0.rc.4)
    execjs (2.7.0)
    ffi (1.11.3)
    formatador (0.2.5)
    growl (1.0.3)
    guard (2.16.1)
      formatador (>= 0.2.4)
      listen (>= 2.7, < 4.0)
      lumberjack (>= 1.0.12, < 2.0)
      nenv (~> 0.1)
      notiffany (~> 0.0)
      pry (>= 0.9.12)
      shellany (~> 0.0)
      thor (>= 0.18.1)
    guard-jasmine-headless-webkit (0.3.2)
      guard (>= 0.4.0)
      jasmine-headless-webkit (>= 0.7.0)
    jasmine (3.5.0)
      jasmine-core (~> 3.5.0)
      phantomjs
      rack (>= 1.2.1)
      rake
    jasmine-core (3.5.0)
    jasmine-headless-webkit (0.9.0.rc.2)
      coffee-script
      jasmine-core
      multi_json (>= 1.2.0)
      rainbow
      sprockets
      sprockets-vendor_gems
    listen (3.2.1)
      rb-fsevent (~> 0.10, >= 0.10.3)
      rb-inotify (~> 0.9, >= 0.9.10)
    lumberjack (1.0.13)
    method_source (0.9.2)
    multi_json (1.14.1)
    nenv (0.3.0)
    notiffany (0.1.3)
      nenv (~> 0.1)
      shellany (~> 0.0)
    phantomjs (2.1.1.0)
    pry (0.12.2)
      coderay (~> 1.1.0)
      method_source (~> 0.9.0)
    rack (2.0.8)
    rainbow (3.0.0)
    rake (0.9.2.2)
    rb-fsevent (0.10.3)
    rb-inotify (0.10.0)
      ffi (~> 1.0)
    sass (3.2.3)
    shellany (0.0.1)
    sprockets (3.7.2)
      concurrent-ruby (~> 1.0)
      rack (> 1, < 3)
    sprockets-vendor_gems (0.1.3)
      sprockets
    thin (1.5.1)
      daemons (>= 1.0.9)
      eventmachine (>= 0.12.6)
      rack (>= 1.0.0)
    thor (1.0.1)

PLATFORMS
  ruby

DEPENDENCIES
  bourbon
  coffee-script
  eventmachine (= 1.0.0.rc.4)
  growl
  guard-jasmine-headless-webkit (>= 0.3.2)
  jasmine (>= 1.2.0)
  jasmine-headless-webkit (>= 0.8.4)
  rack (>= 1.6.12)
  rake
  sass
  thin (>= 1.4.1)

BUNDLED WITH
   1.17.3
